PATH
  remote: .
  specs:
    vin_exploder (0.6)

GEM
  remote: https://rubygems.org/
  specs:
    activemodel (3.0.9)
      activesupport (= 3.0.9)
      builder (~> 2.1.2)
      i18n (~> 0.5.0)
    activerecord (3.0.9)
      activemodel (= 3.0.9)
      activesupport (= 3.0.9)
      arel (~> 2.0.10)
      tzinfo (~> 0.3.23)
    activesupport (3.0.9)
    addressable (2.3.5)
    arel (2.0.10)
    builder (2.1.2)
    cookiejar (0.3.0)
    couchrest (1.0.2)
      json (~> 1.5.1)
      mime-types (~> 1.15)
      rest-client (~> 1.6.1)
    diff-lcs (1.2.4)
    em-http-request (1.1.0)
      addressable (>= 2.3.4)
      cookiejar
      em-socksify (>= 0.3)
      eventmachine (>= 1.0.3)
      http_parser.rb (>= 0.6.0.beta.2)
    em-socksify (0.3.0)
      eventmachine (>= 1.0.0.beta.4)
    em-synchrony (1.0.3)
      eventmachine (>= 1.0.0.beta.1)
    em-synchrony-couchdb (0.1.1)
      em-http-request (>= 1.1.0)
      em-synchrony (>= 1.0.3)
      json (>= 1.4.3)
    eventmachine (1.0.3)
    http_parser.rb (0.6.0.beta.2)
    i18n (0.5.0)
    json (1.5.3)
    mime-types (1.16)
    rake (10.1.0)
    rest-client (1.6.3)
      mime-types (>= 1.16)
    rspec (2.14.1)
      rspec-core (~> 2.14.0)
      rspec-expectations (~> 2.14.0)
      rspec-mocks (~> 2.14.0)
    rspec-core (2.14.3)
    rspec-expectations (2.14.0)
      diff-lcs (>= 1.1.3, < 2.0)
    rspec-mocks (2.14.1)
    sequel (3.24.1)
    simplecov (0.4.2)
      simplecov-html (~> 0.4.4)
    simplecov-html (0.4.5)
    sqlite3 (1.3.3)
    tzinfo (0.3.28)

PLATFORMS
  ruby

DEPENDENCIES
  activerecord (>= 3.0.0)
  couchrest
  em-synchrony-couchdb (= 0.1.1)
  rake
  rspec (>= 2.13.0)
  sequel
  simplecov
  sqlite3
  vin_exploder!
